GEM
  remote: http://rubygems.org/
  specs:
    mysql2 (0.3.11)
    phpass-ruby (0.1.2)

PLATFORMS
  ruby

DEPENDENCIES
  mysql2
  phpass-ruby
