GEM
  remote: http://rubygems.org/
  specs:
    mysql2 (0.2.4)

PLATFORMS
  ruby

DEPENDENCIES
  mysql2
